PATH
  remote: .
  specs:
    csv-to-ducksboard (0.1.0)
      bundler

GEM
  remote: http://gems.good.is/
  specs:

PLATFORMS
  ruby

DEPENDENCIES
  csv-to-ducksboard!
